GEM
  remote: http://rubygems.org/
  specs:
    chronic (0.8.0)

PLATFORMS
  java

DEPENDENCIES
  chronic
